GEM
  remote: https://rubygems.org/
  specs:
    actionmailer (4.1.2)
      actionpack (= 4.1.2)
      actionview (= 4.1.2)
      mail (~> 2.5.4)
    actionpack (4.1.2)
      actionview (= 4.1.2)
      activesupport (= 4.1.2)
      rack (~> 1.5.2)
      rack-test (~> 0.6.2)
    actionview (4.1.2)
      activesupport (= 4.1.2)
      builder (~> 3.1)
      erubis (~> 2.7.0)
    activemodel (4.1.2)
      activesupport (= 4.1.2)
      builder (~> 3.1)
    activerecord (4.1.2)
      activemodel (= 4.1.2)
      activesupport (= 4.1.2)
      arel (~> 5.0.0)
    activesupport (4.1.2)
      i18n (~> 0.6, >= 0.6.9)
      json (~> 1.7, >= 1.7.7)
      minitest (~> 5.1)
      thread_safe (~> 0.1)
      tzinfo (~> 1.1)
    addressable (2.3.5)
    arel (5.0.1.20140414130214)
    ast (1.1.0)
    autoprefixer-rails (1.1.20140410)
      execjs
    awesome_print (1.2.0)
    bcrypt (3.1.7)
    binding_of_caller (0.7.2)
      debug_inspector (>= 0.0.1)
    brakeman (2.4.1)
      erubis (~> 2.6)
      fastercsv (~> 1.5)
      haml (>= 3.0, < 5.0)
      highline (~> 1.6.20)
      multi_json (~> 1.2)
      ruby2ruby (~> 2.0.5)
      ruby_parser (~> 3.4.0)
      sass (~> 3.0)
      slim (>= 1.3.6, < 3.0)
      terminal-table (~> 1.4)
    builder (3.2.2)
    bullet (4.11.2)
      activesupport (>= 3.0.0)
      uniform_notifier (>= 1.6.0)
    bundler-audit (0.3.1)
      bundler (~> 1.2)
      thor (~> 0.18)
    capybara (2.2.1)
      mime-types (>= 1.16)
      nokogiri (>= 1.3.3)
      rack (>= 1.0.0)
      rack-test (>= 0.5.4)
      xpath (~> 2.0)
    chunky_png (1.3.0)
    code_analyzer (0.4.4)
      sexp_processor
    codeclimate-test-reporter (0.3.0)
      simplecov (>= 0.7.1, < 1.0.0)
    coderay (1.1.0)
    coffee-rails (4.0.1)
      coffee-script (>= 2.2.0)
      railties (>= 4.0.0, < 5.0)
    coffee-script (2.2.0)
      coffee-script-source
      execjs
    coffee-script-source (1.7.0)
    colored (1.2)
    columnize (0.3.6)
    compass (0.12.2)
      chunky_png (~> 1.2)
      fssm (>= 0.2.7)
      sass (~> 3.1)
    compass-rails (1.1.3)
      compass (>= 0.12.2)
    coolline (0.4.3)
    crack (0.4.2)
      safe_yaml (~> 1.0.0)
    daemons (1.1.9)
    database_cleaner (1.2.0)
    debug_inspector (0.0.2)
    debugger (1.6.5)
      columnize (>= 0.3.1)
      debugger-linecache (~> 1.2.0)
      debugger-ruby_core_source (~> 1.3.1)
    debugger-linecache (1.2.0)
    debugger-ruby_core_source (1.3.1)
    decent_exposure (2.3.1)
    devise (3.2.4)
      bcrypt (~> 3.0)
      orm_adapter (~> 0.1)
      railties (>= 3.2.6, < 5)
      thread_safe (~> 0.1)
      warden (~> 1.2.3)
    diff-lcs (1.2.5)
    diffy (3.0.1)
    docile (1.1.3)
    dotenv (0.9.0)
    dotenv-rails (0.9.0)
      dotenv (= 0.9.0)
    email_spec (1.5.0)
      launchy (~> 2.1)
      mail (~> 2.2)
    erubis (2.7.0)
    eventmachine (1.0.3)
    execjs (2.0.2)
    factory_girl (4.4.0)
      activesupport (>= 3.0.0)
    factory_girl_rails (4.4.0)
      factory_girl (~> 4.4.0)
      railties (>= 3.0.0)
    fastercsv (1.5.5)
    foreman (0.63.0)
      dotenv (>= 0.7)
      thor (>= 0.13.6)
    foundation-icons-sass-rails (3.0.0)
      railties (>= 3.1.1)
      sass-rails (>= 3.1.1)
    foundation-rails (5.1.1.0)
      railties (>= 3.1.0)
      sass (>= 3.2.0)
    fssm (0.2.10)
    fuubar (1.3.2)
      rspec (>= 2.14.0, < 3.1.0)
      ruby-progressbar (~> 1.3)
    gherkin (2.12.2)
      multi_json (~> 1.3)
    github-markdown (0.6.4)
    grit (2.5.0)
      diff-lcs (~> 1.1)
      mime-types (~> 1.15)
      posix-spawn (~> 0.3.6)
    haml (4.0.5)
      tilt
    highline (1.6.21)
    hike (1.2.3)
    hirb (0.7.1)
    i18n (0.6.9)
    jazz_hands (0.5.2)
      awesome_print (~> 1.2)
      coolline (>= 0.4.2)
      hirb (~> 0.7.1)
      pry (~> 0.9.12)
      pry-debugger (~> 0.2.2)
      pry-doc (~> 0.4.6)
      pry-git (~> 0.2.3)
      pry-rails (~> 0.3.2)
      pry-remote (>= 0.1.7)
      pry-stack_explorer (~> 0.4.9)
      railties (>= 3.0, < 5.0)
    jquery-rails (3.1.0)
      railties (>= 3.0, < 5.0)
      thor (>= 0.14, < 2.0)
    json (1.8.1)
    kaminari (0.15.1)
      actionpack (>= 3.0.0)
      activesupport (>= 3.0.0)
    launchy (2.4.2)
      addressable (~> 2.3)
    letter_opener (1.2.0)
      launchy (~> 2.2)
    libv8 (3.16.14.3)
    mail (2.5.4)
      mime-types (~> 1.16)
      treetop (~> 1.4.8)
    mail_safe (0.3.1)
      actionmailer (>= 1.3.6)
    method_source (0.8.2)
    mime-types (1.25.1)
    mini_portile (0.5.2)
    minitest (5.3.5)
    multi_json (1.10.1)
    nokogiri (1.6.1)
      mini_portile (~> 0.5.0)
    orm_adapter (0.5.0)
    parser (2.1.7)
      ast (~> 1.1)
      slop (~> 3.4, >= 3.4.5)
    pg (0.17.1)
    polyglot (0.3.5)
    posix-spawn (0.3.8)
    powerpack (0.0.9)
    pry (0.9.12.6)
      coderay (~> 1.0)
      method_source (~> 0.8)
      slop (~> 3.4)
    pry-debugger (0.2.2)
      debugger (~> 1.3)
      pry (~> 0.9.10)
    pry-doc (0.4.6)
      pry (>= 0.9)
      yard (>= 0.8)
    pry-git (0.2.3)
      diffy
      grit
      pry (>= 0.9.8)
    pry-rails (0.3.2)
      pry (>= 0.9.10)
    pry-remote (0.1.8)
      pry (~> 0.9)
      slop (~> 3.0)
    pry-stack_explorer (0.4.9.1)
      binding_of_caller (>= 0.7)
      pry (>= 0.9.11)
    quiet_assets (1.0.2)
      railties (>= 3.1, < 5.0)
    rack (1.5.2)
    rack-test (0.6.2)
      rack (>= 1.0)
    rails (4.1.2)
      actionmailer (= 4.1.2)
      actionpack (= 4.1.2)
      actionview (= 4.1.2)
      activemodel (= 4.1.2)
      activerecord (= 4.1.2)
      activesupport (= 4.1.2)
      bundler (>= 1.3.0, < 2.0)
      railties (= 4.1.2)
      sprockets-rails (~> 2.0)
    rails_12factor (0.0.2)
      rails_serve_static_assets
      rails_stdout_logging
    rails_best_practices (1.15.2)
      activesupport
      awesome_print
      code_analyzer (>= 0.4.3)
      colored
      erubis
      i18n
      require_all
      ruby-progressbar
    rails_serve_static_assets (0.0.2)
    rails_stdout_logging (0.0.3)
    railties (4.1.2)
      actionpack (= 4.1.2)
      activesupport (= 4.1.2)
      rake (>= 0.8.7)
      thor (>= 0.18.1, < 2.0)
    rainbow (2.0.0)
    rake (10.3.2)
    ref (1.0.5)
    require_all (1.3.2)
    rollbar (0.10.14)
      multi_json (~> 1.5)
    rspec (2.14.1)
      rspec-core (~> 2.14.0)
      rspec-expectations (~> 2.14.0)
      rspec-mocks (~> 2.14.0)
    rspec-core (2.14.7)
    rspec-expectations (2.14.5)
      diff-lcs (>= 1.1.3, < 2.0)
    rspec-mocks (2.14.5)
    rspec-rails (2.14.1)
      actionpack (>= 3.0)
      activemodel (>= 3.0)
      activesupport (>= 3.0)
      railties (>= 3.0)
      rspec-core (~> 2.14.0)
      rspec-expectations (~> 2.14.0)
      rspec-mocks (~> 2.14.0)
    rubocop (0.19.1)
      json (>= 1.7.7, < 2)
      parser (~> 2.1.7)
      powerpack (~> 0.0.6)
      rainbow (>= 1.99.1, < 3.0)
      ruby-progressbar (~> 1.4)
    ruby-progressbar (1.4.2)
    ruby2ruby (2.0.7)
      ruby_parser (~> 3.1)
      sexp_processor (~> 4.0)
    ruby_parser (3.4.1)
      sexp_processor (~> 4.1)
    safe_yaml (1.0.1)
    sass (3.2.19)
    sass-rails (4.0.3)
      railties (>= 4.0.0, < 5.0)
      sass (~> 3.2.0)
      sprockets (~> 2.8, <= 2.11.0)
      sprockets-rails (~> 2.0)
    seedbank (0.3.0)
    sexp_processor (4.4.2)
    shoulda-matchers (2.5.0)
      activesupport (>= 3.0.0)
    simple-navigation (3.11.0)
      activesupport (>= 2.3.2)
    simple_form (3.0.2)
      actionpack (~> 4.0)
      activemodel (~> 4.0)
    simplecov (0.8.2)
      docile (~> 1.1.0)
      multi_json
      simplecov-html (~> 0.8.0)
    simplecov-html (0.8.0)
    slim (2.0.2)
      temple (~> 0.6.6)
      tilt (>= 1.3.3, < 2.1)
    slim-rails (2.1.5)
      actionpack (>= 3.0, < 4.2)
      activesupport (>= 3.0, < 4.2)
      railties (>= 3.0, < 4.2)
      slim (~> 2.0)
    slop (3.5.0)
    sprockets (2.11.0)
      hike (~> 1.2)
      multi_json (~> 1.0)
      rack (~> 1.0)
      tilt (~> 1.1, != 1.3.0)
    sprockets-rails (2.1.3)
      actionpack (>= 3.0)
      activesupport (>= 3.0)
      sprockets (~> 2.8)
    styleguides (0.1)
    temple (0.6.7)
    terminal-table (1.4.5)
    therubyracer (0.12.1)
      libv8 (~> 3.16.14.0)
      ref
    thin (1.6.1)
      daemons (>= 1.0.9)
      eventmachine (>= 1.0.0)
      rack (>= 1.0.0)
    thor (0.19.1)
    thread_safe (0.3.4)
    tilt (1.4.1)
    treetop (1.4.15)
      polyglot
      polyglot (>= 0.3.1)
    turnip (1.2.1)
      gherkin (>= 2.5)
      rspec (>= 2.0, < 4.0)
    tzinfo (1.2.1)
      thread_safe (~> 0.1)
    uglifier (2.4.0)
      execjs (>= 0.3.0)
      json (>= 1.8.0)
    uniform_notifier (1.6.2)
    warden (1.2.3)
      rack (>= 1.0)
    webmock (1.17.3)
      addressable (>= 2.2.7)
      crack (>= 0.3.2)
    xpath (2.0.0)
      nokogiri (~> 1.3)
    yard (0.8.7.3)

PLATFORMS
  ruby

DEPENDENCIES
  autoprefixer-rails
  brakeman
  bullet
  bundler-audit
  capybara
  codeclimate-test-reporter
  coffee-rails (~> 4.0.0)
  compass-rails
  database_cleaner
  decent_exposure
  devise
  dotenv-rails
  email_spec
  factory_girl_rails
  foreman
  foundation-icons-sass-rails
  foundation-rails
  fuubar
  github-markdown
  jazz_hands
  jquery-rails
  kaminari
  launchy
  letter_opener
  mail_safe
  minitest
  pg
  quiet_assets
  rails (= 4.1.2)
  rails_12factor
  rails_best_practices
  rollbar (~> 0.10.3)
  rspec-rails
  rubocop
  sass-rails (~> 4.0.0)
  seedbank
  shoulda-matchers
  simple-navigation
  simple_form (~> 3.0.2)
  slim
  slim-rails
  styleguides
  therubyracer
  thin
  turnip
  uglifier (>= 1.3.0)
  webmock
